GEM
  remote: https://rubygems.org/
  specs:
    bson (4.3.0)
    coderay (1.1.2)
    method_source (0.9.2)
    mongo (2.6.2)
      bson (>= 4.3.0, < 5.0.0)
    pry (0.12.2)
      coderay (~> 1.1.0)
      method_source (~> 0.9.0)
    rack (2.0.6)
    rack-test (1.1.0)
      rack (>= 1.0, < 3)
    redis (4.1.0)

PLATFORMS
  ruby

DEPENDENCIES
  mongo
  pry
  rack-test
  redis

BUNDLED WITH
   1.17.1
